PATH
  remote: .
  specs:
    perplexity_api (0.3.0)

GEM
  remote: https://rubygems.org/
  specs:
    diff-lcs (1.6.1)
    rake (10.5.0)
    rspec (3.13.0)
      rspec-core (~> 3.13.0)
      rspec-expectations (~> 3.13.0)
      rspec-mocks (~> 3.13.0)
    rspec-core (3.13.3)
      rspec-support (~> 3.13.0)
    rspec-expectations (3.13.3)
      diff-lcs (>= 1.2.0, < 2.0)
      rspec-support (~> 3.13.0)
    rspec-mocks (3.13.2)
      diff-lcs (>= 1.2.0, < 2.0)
      rspec-support (~> 3.13.0)
    rspec-support (3.13.2)

PLATFORMS
  ruby

DEPENDENCIES
  bundler (~> 1.17)
  perplexity_api!
  rake (~> 10.0)
  rspec (~> 3.0)

BUNDLED WITH
   1.17.2
